NUGET
  remote: https://www.nuget.org/api/v2
    FsCheck (2.6.1)
      FSharp.Core (>= 3.1.2.5)
    FSharp.Core (4.0.0.1)
    NUnit (3.4.1)
    Unquote (3.1.2)
